GIT
  remote: http://github.com/justinfrench/formtastic.git
  revision: b895841fc2e4a59755f04a2141d6516145a63180
  branch: master
  specs:
    formtastic (2.0.0.pre)
      rails (~> 3.0)

GIT
  remote: https://github.com/wideopenspaces/wicked.git
  revision: dcd1b0e29f6a729fa4ea9422e02275f08be61452
  specs:
    wicked (0.3.1)
      andand (>= 1.3.1)

GEM
  remote: http://rubygems.org/
  specs:
    RedCloth (4.2.5)
    abstract (1.0.0)
    actionmailer (3.0.7)
      actionpack (= 3.0.7)
      mail (~> 2.2.15)
    actionpack (3.0.7)
      activemodel (= 3.0.7)
      activesupport (= 3.0.7)
      builder (~> 2.1.2)
      erubis (~> 2.6.6)
      i18n (~> 0.5.0)
      rack (~> 1.2.1)
      rack-mount (~> 0.6.14)
      rack-test (~> 0.5.7)
      tzinfo (~> 0.3.23)
    activemodel (3.0.7)
      activesupport (= 3.0.7)
      builder (~> 2.1.2)
      i18n (~> 0.5.0)
    activerecord (3.0.7)
      activemodel (= 3.0.7)
      activesupport (= 3.0.7)
      arel (~> 2.0.2)
      tzinfo (~> 0.3.23)
    activeresource (3.0.7)
      activemodel (= 3.0.7)
      activesupport (= 3.0.7)
    activesupport (3.0.7)
    addressable (2.2.6)
    andand (1.3.1)
    arel (2.0.9)
    bcrypt-ruby (2.1.4)
    builder (2.1.2)
    cancan (1.6.4)
    daemon_controller (0.2.6)
    daemons (1.1.4)
    dalli (1.0.3)
    devise (1.3.4)
      bcrypt-ruby (~> 2.1.2)
      orm_adapter (~> 0.0.3)
      warden (~> 1.0.3)
    erubis (2.6.6)
      abstract (>= 1.0.0)
    eventmachine (0.12.10)
    fastthread (1.0.7)
    geoip (1.1.1)
    haml (3.0.25)
    haml2slim (0.4.3)
      haml (~> 3.0.0)
      nokogiri
      ruby_parser
    heroku (2.8.4)
      launchy (>= 0.3.2)
      rest-client (~> 1.6.1)
      rubyzip
      term-ansicolor (~> 1.0.5)
    hirb (0.4.5)
    i18n (0.5.0)
    itslog (0.3.2)
    jquery-rails (1.0.2)
      railties (~> 3.0)
      thor (~> 0.14)
    launchy (2.0.5)
      addressable (~> 2.2.6)
    mail (2.2.19)
      activesupport (>= 2.3.6)
      i18n (>= 0.4.0)
      mime-types (~> 1.16)
      treetop (~> 1.4.8)
    meta_search (1.0.5)
      actionpack (~> 3.0.2)
      activerecord (~> 3.0.2)
      activesupport (~> 3.0.2)
      arel (~> 2.0.2)
    meta_where (1.0.4)
      activerecord (~> 3.0.0)
      activesupport (~> 3.0.0)
      arel (~> 2.0.7)
    mime-types (1.16)
    mocha (0.9.12)
    nifty-generators (0.4.6)
    nokogiri (1.4.4)
    orm_adapter (0.0.5)
    passenger (3.0.7)
      daemon_controller (>= 0.2.5)
      fastthread (>= 1.0.1)
      rack
      rake (>= 0.8.1)
    pg (0.11.0)
    polyglot (0.3.1)
    rack (1.2.2)
    rack-mount (0.6.14)
      rack (>= 1.0.0)
    rack-test (0.5.7)
      rack (>= 1.0)
    rails (3.0.7)
      actionmailer (= 3.0.7)
      actionpack (= 3.0.7)
      activerecord (= 3.0.7)
      activeresource (= 3.0.7)
      activesupport (= 3.0.7)
      bundler (~> 1.0)
      railties (= 3.0.7)
    rails-footnotes (3.7.4)
      rails (>= 3.0.0)
    railties (3.0.7)
      actionpack (= 3.0.7)
      activesupport (= 3.0.7)
      rake (>= 0.8.7)
      thor (~> 0.14.4)
    rake (0.8.7)
    rest-client (1.6.1)
      mime-types (>= 1.16)
    rmagick (2.13.1)
    ruby_parser (2.0.6)
      sexp_processor (~> 3.0)
    rubyzip (0.9.4)
    sequel (3.20.0)
    sexp_processor (3.0.5)
    simple_form (1.3.1)
    sinatra (1.0)
      rack (>= 1.0)
    slim (0.9.2)
      temple (~> 0.2.0)
      tilt (~> 1.2)
    slim-rails (0.2.1)
      slim (>= 0.9.2)
    sqlite3 (1.3.3)
    sqlite3-ruby (1.3.3)
      sqlite3 (>= 1.3.3)
    taps (0.3.23)
      rack (>= 1.0.1)
      rest-client (>= 1.4.0, < 1.7.0)
      sequel (~> 3.20.0)
      sinatra (~> 1.0.0)
      sqlite3-ruby (~> 1.2)
    temple (0.2.0)
    term-ansicolor (1.0.6)
    thin (1.2.11)
      daemons (>= 1.0.9)
      eventmachine (>= 0.12.6)
      rack (>= 1.0.0)
    thor (0.14.6)
    tilt (1.3)
    treetop (1.4.9)
      polyglot (>= 0.3.1)
    tzinfo (0.3.27)
    validatable (1.6.7)
    warden (1.0.4)
      rack (>= 1.0)
    will_paginate (3.0.pre2)
    wirble (0.1.3)
    ya2yaml (0.30)

PLATFORMS
  ruby

DEPENDENCIES
  RedCloth (= 4.2.5)
  cancan
  dalli
  devise
  formtastic!
  geoip
  haml
  haml2slim
  heroku
  hirb
  itslog
  jquery-rails
  meta_search
  meta_where
  mocha
  nifty-generators
  passenger
  pg
  rails (= 3.0.7)
  rails-footnotes
  rmagick
  simple_form
  slim
  slim-rails
  taps
  thin
  validatable
  wicked!
  will_paginate (>= 3.0.pre)
  wirble
  ya2yaml
